PATH
  remote: ../rulers
  specs:
    rulers (0.0.3)
      rack

GEM
  remote: http://rubygems.org/
  specs:
    rack (1.4.1)

PLATFORMS
  ruby

DEPENDENCIES
  rulers!
